GEM
  remote: https://rubygems.org/
  specs:
    avro (1.8.0)
      multi_json
    byebug (8.2.2)
    coderay (1.1.1)
    ffi (1.9.10)
    method_source (0.8.2)
    multi_json (1.11.2)
    pry (0.10.3)
      coderay (~> 1.1.0)
      method_source (~> 0.8.1)
      slop (~> 3.4)
    pry-byebug (3.3.0)
      byebug (~> 8.0)
      pry (~> 0.10)
    slop (3.6.0)

PLATFORMS
  ruby

DEPENDENCIES
  avro
  ffi
  pry-byebug

BUNDLED WITH
   1.11.2
